RESTRICTION: >= net461
NUGET
  remote: https://www.nuget.org/api/v2
    Discord.Net (1.0.2)
      Discord.Net.Commands (>= 1.0.2)
      Discord.Net.Core (>= 1.0.2)
      Discord.Net.Rest (>= 1.0.2)
      Discord.Net.Rpc (>= 1.0.2)
      Discord.Net.Webhook (>= 1.0.2)
      Discord.Net.WebSocket (>= 1.0.2)
    Discord.Net.Commands (1.0.2)
      Discord.Net.Core (>= 1.0.2)
      Microsoft.Extensions.DependencyInjection (>= 1.1.1)
      NETStandard.Library (>= 1.6.1)
    Discord.Net.Core (1.0.2)
      Newtonsoft.Json (>= 10.0.2)
      System.Collections.Immutable (>= 1.3.1)
      System.Interactive.Async (>= 3.1.1)
    Discord.Net.Rest (1.0.2)
      Discord.Net.Core (>= 1.0.2)
    Discord.Net.Rpc (1.0.2)
      Discord.Net.Core (>= 1.0.2)
      Discord.Net.Rest (>= 1.0.2)
    Discord.Net.Webhook (1.0.2)
      Discord.Net.Core (>= 1.0.2)
      Discord.Net.Rest (>= 1.0.2)
      NETStandard.Library (>= 1.6.1)
    Discord.Net.WebSocket (1.0.2)
      Discord.Net.Core (>= 1.0.2)
      Discord.Net.Rest (>= 1.0.2)
    FSharp.Core (4.3.4)
    Microsoft.Extensions.DependencyInjection (2.1)
      Microsoft.Extensions.DependencyInjection.Abstractions (>= 2.1)
    Microsoft.Extensions.DependencyInjection.Abstractions (2.1)
    Microsoft.NETCore.Platforms (2.1)
    NETStandard.Library (2.0.3)
      Microsoft.NETCore.Platforms (>= 1.1)
    Newtonsoft.Json (11.0.2)
    System.Collections.Immutable (1.5)
    System.Interactive.Async (3.1.1)

GROUP Build
NUGET
  remote: https://www.nuget.org/api/v2
    FAKE (4.64.13)
